PATH
  remote: .
  specs:
    process_handler (0.0.1)

GEM
  remote: https://rubygems.org/
  specs:
    atomic (1.1.14)
    diff-lcs (1.2.5)
    rake (10.1.0)
    rspec (3.0.0.beta1)
      rspec-core (= 3.0.0.beta1)
      rspec-expectations (= 3.0.0.beta1)
      rspec-mocks (= 3.0.0.beta1)
    rspec-core (3.0.0.beta1)
    rspec-expectations (3.0.0.beta1)
      diff-lcs (>= 1.1.3, < 2.0)
      rspec-support (= 3.0.0.beta1)
    rspec-mocks (3.0.0.beta1)
    rspec-support (3.0.0.beta1)
    rufus-scheduler (3.0.5)
      tzinfo
    thread_safe (0.1.3)
      atomic
    tzinfo (1.1.0)
      thread_safe (~> 0.1)

PLATFORMS
  ruby

DEPENDENCIES
  process_handler!
  rake
  rspec (~> 3.0.0.beta1)
  rufus-scheduler
