PATH
  remote: .
  specs:
    process_handler (0.0.1)
      airbrake
      sucker_punch (~> 1.1)

GEM
  remote: https://rubygems.org/
  specs:
    airbrake (4.1.0)
      builder
      multi_json
    builder (3.2.2)
    celluloid (0.15.2)
      timers (~> 1.1.0)
    coderay (1.1.0)
    diff-lcs (1.2.5)
    inflecto (0.0.2)
    logasm (0.1.0)
      inflecto
      logstash-event (~> 1.2)
    logstash-event (1.2.02)
    method_source (0.8.2)
    multi_json (1.10.1)
    pry (0.9.12.6)
      coderay (~> 1.0)
      method_source (~> 0.8)
      slop (~> 3.4)
    rake (10.3.2)
    rspec (3.1.0)
      rspec-core (~> 3.1.0)
      rspec-expectations (~> 3.1.0)
      rspec-mocks (~> 3.1.0)
    rspec-core (3.1.5)
      rspec-support (~> 3.1.0)
    rspec-expectations (3.1.2)
      diff-lcs (>= 1.2.0, < 2.0)
      rspec-support (~> 3.1.0)
    rspec-mocks (3.1.2)
      rspec-support (~> 3.1.0)
    rspec-support (3.1.1)
    rufus-scheduler (3.0.9)
      tzinfo
    slop (3.4.7)
    sucker_punch (1.2.1)
      celluloid (~> 0.15.2)
    thread_safe (0.3.4)
    timers (1.1.0)
    tzinfo (1.2.2)
      thread_safe (~> 0.1)

PLATFORMS
  ruby

DEPENDENCIES
  logasm
  process_handler!
  pry
  rake
  rspec (~> 3.1)
  rufus-scheduler
